GEM
  remote: https://rubygems.org/
  specs:
    flamegraph (0.9.5)
    minitest (5.11.3)
    rantly (2.0.0)
    stackprof (0.2.12)

PLATFORMS
  ruby
  x64-mingw32

DEPENDENCIES
  flamegraph
  minitest
  rantly
  stackprof

BUNDLED WITH
   2.0.1
